GEM
  remote: https://rubygems.org/
  specs:
    actionmailer (2.3.8)
      actionpack (= 2.3.8)
    actionpack (2.3.8)
      activesupport (= 2.3.8)
      rack (~> 1.1.0)
    activerecord (2.3.8)
      activesupport (= 2.3.8)
    activeresource (2.3.8)
      activesupport (= 2.3.8)
    activesupport (2.3.8)
    authlogic (2.1.6)
      activesupport
    cocaine (0.4.2)
    json (1.8.0)
    mime-types (1.25)
    mysql (2.9.1)
    paperclip (2.8.0)
      activerecord (>= 2.3.0)
      activesupport (>= 2.3.2)
      cocaine (>= 0.0.2)
      mime-types
    rack (1.1.6)
    rails (2.3.8)
      actionmailer (= 2.3.8)
      actionpack (= 2.3.8)
      activerecord (= 2.3.8)
      activeresource (= 2.3.8)
      activesupport (= 2.3.8)
      rake (>= 0.8.3)
    rake (10.1.0)
    rdoc (4.0.1)
      json (~> 1.4)
    searchlogic (2.3.5)
      activerecord (>= 2.0.0)
    will_paginate (2.3.16)

PLATFORMS
  ruby

DEPENDENCIES
  authlogic (= 2.1.6)
  mysql (= 2.9.1)
  paperclip (~> 2.7)
  rails (= 2.3.8)
  rdoc (= 4.0.1)
  searchlogic (= 2.3.5)
  will_paginate (~> 2.3.16)
